GEM
  remote: https://rubygems.org/
  specs:
    cpf_utils (1.2.1)
    faker (1.8.4)
      i18n (~> 0.5)
    i18n (0.8.6)

PLATFORMS
  ruby

DEPENDENCIES
  cpf_utils
  faker

BUNDLED WITH
   1.15.3
